GEM
  remote: http://rubygems.org/
  specs:
    abstract (1.0.0)
    actionmailer (3.0.2)
      actionpack (= 3.0.2)
      mail (~> 2.2.9)
    actionpack (3.0.2)
      activemodel (= 3.0.2)
      activesupport (= 3.0.2)
      builder (~> 2.1.2)
      erubis (~> 2.6.6)
      i18n (~> 0.4.1)
      rack (~> 1.2.1)
      rack-mount (~> 0.6.13)
      rack-test (~> 0.5.6)
      tzinfo (~> 0.3.23)
    activemodel (3.0.2)
      activesupport (= 3.0.2)
      builder (~> 2.1.2)
      i18n (~> 0.4.1)
    activerecord (3.0.2)
      activemodel (= 3.0.2)
      activesupport (= 3.0.2)
      arel (~> 2.0.2)
      tzinfo (~> 0.3.23)
    activeresource (3.0.2)
      activemodel (= 3.0.2)
      activesupport (= 3.0.2)
    activesupport (3.0.2)
    addressable (2.2.2)
    arel (2.0.4)
    builder (2.1.2)
    capybara (0.4.0)
      celerity (>= 0.7.9)
      culerity (>= 0.2.4)
      mime-types (>= 1.16)
      nokogiri (>= 1.3.3)
      rack (>= 1.0.0)
      rack-test (>= 0.5.4)
      selenium-webdriver (>= 0.0.27)
      xpath (~> 0.1.2)
    celerity (0.8.4)
    childprocess (0.1.4)
      ffi (~> 0.6.3)
    columnize (0.3.2)
    configuration (1.2.0)
    culerity (0.2.12)
    diff-lcs (1.1.2)
    erubis (2.6.6)
      abstract (>= 1.0.0)
    factory_girl (1.3.2)
    factory_girl_rails (1.0)
      factory_girl (~> 1.3)
      rails (>= 3.0.0.beta4)
    faraday (0.5.3)
      addressable (~> 2.2.2)
      multipart-post (~> 1.0.1)
      rack (>= 1.1.0, < 2)
    faraday_middleware (0.3.1)
      faraday (~> 0.5.3)
    ffi (0.6.3)
      rake (>= 0.8.7)
    haml (3.0.24)
    haml-rails (0.3.4)
      actionpack (~> 3.0)
      activesupport (~> 3.0)
      haml (~> 3.0)
      railties (~> 3.0)
    has_scope (0.5.0)
    hashie (0.4.0)
    hpricot (0.8.3)
    i18n (0.4.2)
    inherited_resources (1.1.2)
      has_scope (~> 0.5.0)
      responders (~> 0.6.0)
    jquery-rails (0.2.5)
      rails (~> 3.0)
      thor (~> 0.14.4)
    json (1.4.6)
    json_pure (1.4.6)
    launchy (0.3.7)
      configuration (>= 0.0.5)
      rake (>= 0.8.1)
    linecache (0.43)
    mail (2.2.10)
      activesupport (>= 2.3.6)
      i18n (~> 0.4.1)
      mime-types (~> 1.16)
      treetop (~> 1.4.8)
    mime-types (1.16)
    multi_json (0.0.5)
    multi_xml (0.2.0)
    multipart-post (1.0.1)
    nokogiri (1.4.4)
    oauth (0.4.3)
    paperclip (2.3.3)
      activerecord
      activesupport
    polyglot (0.3.1)
    rack (1.2.1)
    rack-mount (0.6.13)
      rack (>= 1.0.0)
    rack-test (0.5.6)
      rack (>= 1.0)
    rails (3.0.2)
      actionmailer (= 3.0.2)
      actionpack (= 3.0.2)
      activerecord (= 3.0.2)
      activeresource (= 3.0.2)
      activesupport (= 3.0.2)
      bundler (~> 1.0.0)
      railties (= 3.0.2)
    rails3-generators (0.14.0)
    railties (3.0.2)
      actionpack (= 3.0.2)
      activesupport (= 3.0.2)
      rake (>= 0.8.7)
      thor (~> 0.14.4)
    rake (0.8.7)
    remarkable (4.0.0.alpha4)
      rspec (>= 2.0.0.alpha11)
    remarkable_activemodel (4.0.0.alpha4)
      remarkable (~> 4.0.0.alpha4)
      rspec (>= 2.0.0.alpha11)
    remarkable_activerecord (4.0.0.alpha4)
      remarkable (~> 4.0.0.alpha4)
      remarkable_activemodel (~> 4.0.0.alpha4)
      rspec (>= 2.0.0.alpha11)
    responders (0.6.2)
    rspec (2.2.0)
      rspec-core (~> 2.2)
      rspec-expectations (~> 2.2)
      rspec-mocks (~> 2.2)
    rspec-core (2.2.1)
    rspec-expectations (2.2.0)
      diff-lcs (~> 1.1.2)
    rspec-mocks (2.2.0)
    rspec-rails (2.2.1)
      actionpack (~> 3.0)
      activesupport (~> 3.0)
      railties (~> 3.0)
      rspec (~> 2.2.0)
    ruby-debug (0.10.4)
      columnize (>= 0.1)
      ruby-debug-base (~> 0.10.4.0)
    ruby-debug-base (0.10.4)
      linecache (>= 0.3)
    ruby_parser (2.0.5)
      sexp_processor (~> 3.0)
    rubyzip (0.9.4)
    selenium-webdriver (0.1.0)
      childprocess (= 0.1.4)
      ffi (~> 0.6.3)
      json_pure
      rubyzip
    sexp_processor (3.0.5)
    simple_form (1.2.2)
    simple_oauth (0.1.3)
    sqlite3-ruby (1.3.2)
    steak (1.0.0.rc.3)
      rspec
    thor (0.14.4)
    treetop (1.4.9)
      polyglot (>= 0.3.1)
    twitter (1.0.0)
      faraday (~> 0.5.3)
      faraday_middleware (~> 0.3.0)
      hashie (~> 0.4.0)
      multi_json (~> 0.0.5)
      multi_xml (~> 0.2.0)
      simple_oauth (~> 0.1.2)
    twitter_oauth (0.4.3)
      json (>= 1.1.9)
      mime-types (>= 1.16)
      oauth (>= 0.4.1)
    tzinfo (0.3.23)
    xpath (0.1.2)
      nokogiri (~> 1.3)

PLATFORMS
  ruby

DEPENDENCIES
  capybara
  factory_girl_rails
  haml
  haml-rails
  hpricot
  inherited_resources
  jquery-rails
  launchy
  paperclip (= 2.3.3)
  rails (= 3.0.2)
  rails3-generators
  remarkable_activerecord
  rspec (>= 2.2.0)
  rspec-rails (>= 2.2.0)
  ruby-debug
  ruby_parser
  simple_form
  sqlite3-ruby
  steak (>= 1.0.0.rc.3)
  twitter (>= 1.0.0)
  twitter_oauth
